GIT
  remote: git@bitbucket.org:ufofactory/rack-legacy-phpcli.git
  revision: 663ac4e0fd1ce6147f6ec0538147c5109d31f9e9
  specs:
    rack-legacy-phpcli (0.0.1)
      childprocess
      rack (~> 1.6)
      rack-legacy (~> 1.0)

GEM
  remote: https://rubygems.org/
  specs:
    childprocess (0.8.0)
      ffi (~> 1.0, >= 1.0.11)
    ffi (1.9.21)
    puma (3.11.2)
    rack (1.6.8)
    rack-legacy (1.0.0)
      childprocess
      rack
      rack-reverse-proxy
    rack-proxy (0.6.3)
      rack
    rack-reverse-proxy (0.12.0)
      rack (>= 1.0.0)
      rack-proxy (~> 0.6, >= 0.6.1)
    rack-rewrite (1.5.1)
    rake (12.3.0)

PLATFORMS
  ruby

DEPENDENCIES
  puma
  rack-legacy
  rack-legacy-phpcli!
  rack-rewrite
  rake

BUNDLED WITH
   1.14.6
